GIT
  remote: https://github.com/celluloid/timers.git
  revision: 5ed05d970e00eb1936b2a074d6828844611116ae
  specs:
    timers (1.1.0)

GEM
  remote: https://rubygems.org/
  specs:
    amq-protocol (1.7.0)
    bunny (0.10.4)
      amq-protocol (>= 1.6.0)
    httpclient (2.3.4.1)
    json (1.8.0)
    msgpack (0.5.5)
    multi_json (1.7.9)
    neography (1.1.2)
      httpclient (>= 2.3.3)
      json (>= 1.7.7)
      multi_json (>= 1.3.2)
      os (>= 0.9.6)
      rake (>= 0.8.7)
      rubyzip (>= 0.9.7)
    oj (2.1.4)
    os (0.9.6)
    rake (10.1.0)
    redis (3.0.4)
    rubyzip (0.9.9)

PLATFORMS
  ruby

DEPENDENCIES
  bunny
  json
  msgpack
  neography
  oj
  redis
  timers!
