GIT
  remote: https://github.com/celluloid/timers.git
  revision: 5ed05d970e00eb1936b2a074d6828844611116ae
  specs:
    timers (1.1.0)

GEM
  remote: https://rubygems.org/
  specs:
    daemons (1.1.9)
    eventmachine (1.0.3)
    httpclient (2.3.4.1)
    json (1.8.0)
    multi_json (1.7.9)
    neography (1.1.4)
      httpclient (>= 2.3.3)
      json (>= 1.7.7)
      multi_json (>= 1.3.2)
      os (>= 0.9.6)
      rake (>= 0.8.7)
      rubyzip (~> 0.9.7)
    nyny (1.0.1)
    oj (2.1.4)
    os (0.9.6)
    rack (1.5.2)
    rake (10.1.0)
    rubyzip (0.9.9)
    thin (1.5.1)
      daemons (>= 1.0.9)
      eventmachine (>= 0.12.6)
      rack (>= 1.0.0)

PLATFORMS
  ruby

DEPENDENCIES
  neography
  nyny
  oj
  thin
  timers!
